GIT
  remote: git://github.com/nulldb/nulldb.git
  revision: c1ea80269ea0cce69ef33f21a311a83eb3a5a742
  specs:
    activerecord-nulldb-adapter (0.3.8)
      activerecord (>= 2.0.0)

GEM
  remote: http://rubygems.org/
  specs:
    activemodel (3.2.22.5)
      activesupport (= 3.2.22.5)
      builder (~> 3.0.0)
    activerecord (3.2.22.5)
      activemodel (= 3.2.22.5)
      activesupport (= 3.2.22.5)
      arel (~> 3.0.2)
      tzinfo (~> 0.3.29)
    activesupport (3.2.22.5)
      i18n (~> 0.6, >= 0.6.4)
      multi_json (~> 1.0)
    arel (3.0.3)
    builder (3.0.4)
    concurrent-ruby (1.0.5)
    i18n (0.9.5)
      concurrent-ruby (~> 1.0)
    minitest (2.12.1)
    multi_json (1.13.1)
    rake (13.0.1)
    rr (1.2.1)
    tzinfo (0.3.53)

PLATFORMS
  ruby

DEPENDENCIES
  activerecord-nulldb-adapter!
  json-jruby
  minitest (~> 2.12.0)
  rake
  rr

BUNDLED WITH
   1.16.1
