GIT
  remote: https://github.com/nulldb/nulldb.git
  revision: c55900a834197d30c9af0cc836554e9da6c9db6e
  specs:
    activerecord-nulldb-adapter (0.9.0)
      activerecord (>= 5.2.0, < 7.1)

GEM
  remote: http://rubygems.org/
  specs:
    activemodel (7.0.4.3)
      activesupport (= 7.0.4.3)
    activerecord (7.0.4.3)
      activemodel (= 7.0.4.3)
      activesupport (= 7.0.4.3)
    activesupport (7.0.4.3)
      concurrent-ruby (~> 1.0, >= 1.0.2)
      i18n (>= 1.6, < 2)
      minitest (>= 5.1)
      tzinfo (~> 2.0)
    concurrent-ruby (1.2.2)
    i18n (1.12.0)
      concurrent-ruby (~> 1.0)
    minitest (5.16.2)
    rake (13.0.1)
    rr (1.2.1)
    tzinfo (2.0.6)
      concurrent-ruby (~> 1.0)

PLATFORMS
  ruby

DEPENDENCIES
  activerecord (>= 6.1.6.1)
  activerecord-nulldb-adapter!
  activesupport
  json-jruby
  minitest
  rake
  rr

BUNDLED WITH
   1.17.2
