GIT
  remote: git://github.com/nulldb/nulldb.git
  revision: d17674e68c80cb8bb0351ff666797b9f34f9a877
  specs:
    activerecord-nulldb-adapter (0.2.1)
      activerecord (>= 2.0.0)

GEM
  remote: http://rubygems.org/
  specs:
    activemodel (3.2.3)
      activesupport (= 3.2.3)
      builder (~> 3.0.0)
    activerecord (3.2.3)
      activemodel (= 3.2.3)
      activesupport (= 3.2.3)
      arel (~> 3.0.2)
      tzinfo (~> 0.3.29)
    activesupport (3.2.3)
      i18n (~> 0.6)
      multi_json (~> 1.0)
    arel (3.0.2)
    builder (3.0.0)
    i18n (0.6.0)
    minitest (2.12.1)
    multi_json (1.3.4)
    rake (0.9.2.2)
    rr (1.0.4)
    tzinfo (0.3.33)

PLATFORMS
  ruby

DEPENDENCIES
  activerecord-nulldb-adapter!
  bundler (= 1.11.2)
  json-jruby
  minitest (~> 2.12.0)
  rake
  rr

BUNDLED WITH
   1.11.2
